GEM
  remote: https://rubygems.org/
  specs:
    actionmailer (3.2.12)
      actionpack (= 3.2.12)
      mail (~> 2.4.4)
    actionpack (3.2.12)
      activemodel (= 3.2.12)
      activesupport (= 3.2.12)
      builder (~> 3.0.0)
      erubis (~> 2.7.0)
      journey (~> 1.0.4)
      rack (~> 1.4.5)
      rack-cache (~> 1.2)
      rack-test (~> 0.6.1)
      sprockets (~> 2.2.1)
    activemodel (3.2.12)
      activesupport (= 3.2.12)
      builder (~> 3.0.0)
    activerecord (3.2.12)
      activemodel (= 3.2.12)
      activesupport (= 3.2.12)
      arel (~> 3.0.2)
      tzinfo (~> 0.3.29)
    activeresource (3.2.12)
      activemodel (= 3.2.12)
      activesupport (= 3.2.12)
    activesupport (3.2.12)
      i18n (~> 0.6)
      multi_json (~> 1.0)
    annotate (2.5.0)
      rake
    arel (3.0.2)
    bcrypt-ruby (3.0.1)
    better_errors (0.6.0)
      coderay (>= 1.0.0)
      erubis (>= 2.6.6)
    binding_of_caller (0.7.1)
      debug_inspector (>= 0.0.1)
    bootstrap-sass (2.2.1.1)
      sass (~> 3.2)
    builder (3.0.4)
    cancan (1.6.9)
    carrierwave (0.8.0)
      activemodel (>= 3.2.0)
      activesupport (>= 3.2.0)
    choice (0.1.6)
    coderay (1.0.8)
    coffee-rails (3.2.2)
      coffee-script (>= 2.2.0)
      railties (~> 3.2.0)
    coffee-script (2.2.0)
      coffee-script-source
      execjs
    coffee-script-source (1.4.0)
    columnize (0.3.6)
    debug_inspector (0.0.2)
    debugger (1.3.1)
      columnize (>= 0.3.1)
      debugger-linecache (~> 1.1.1)
      debugger-ruby_core_source (~> 1.1.8)
    debugger-linecache (1.1.2)
      debugger-ruby_core_source (>= 1.1.1)
    debugger-ruby_core_source (1.1.8)
    devise (2.2.3)
      bcrypt-ruby (~> 3.0)
      orm_adapter (~> 0.1)
      railties (~> 3.1)
      warden (~> 1.2.1)
    erubis (2.7.0)
    excon (0.17.0)
    execjs (1.4.0)
      multi_json (~> 1.0)
    faraday (0.8.4)
      multipart-post (~> 1.1)
    fog (1.9.0)
      builder
      excon (~> 0.14)
      formatador (~> 0.2.0)
      mime-types
      multi_json (~> 1.0)
      net-scp (~> 1.0.4)
      net-ssh (>= 2.1.3)
      nokogiri (~> 1.5.0)
      ruby-hmac
    font-awesome-sass-rails (3.0.2.1)
      railties (>= 3.1.1)
      sass-rails (>= 3.1.1)
    formatador (0.2.4)
    gmaps4rails (1.5.6)
    google-spreadsheet-ruby (0.3.0)
      google_drive (>= 0.3.0)
    google_drive (0.3.2)
      nokogiri (>= 1.4.4, != 1.5.2, != 1.5.1)
      oauth (>= 0.3.6)
      oauth2 (>= 0.5.0)
    has_scope (0.5.1)
    hashie (1.2.0)
    hike (1.2.1)
    hirb (0.7.1)
    httpauth (0.2.0)
    i18n (0.6.1)
    inherited_resources (1.3.1)
      has_scope (~> 0.5.0)
      responders (~> 0.6)
    journey (1.0.4)
    jquery-datatables-rails (1.11.2)
      jquery-rails
    jquery-rails (2.2.1)
      railties (>= 3.0, < 5.0)
      thor (>= 0.14, < 2.0)
    jquery-ui-rails (4.0.1)
      jquery-rails
      railties (>= 3.1.0)
    json (1.7.7)
    jwt (0.1.5)
      multi_json (>= 1.0)
    kaminari (0.14.1)
      actionpack (>= 3.0.0)
      activesupport (>= 3.0.0)
    kgio (2.8.0)
    log4r (1.1.10)
    mail (2.4.4)
      i18n (>= 0.4.0)
      mime-types (~> 1.16)
      treetop (~> 1.4.8)
    meta_request (0.2.1)
      rack-contrib
      rails
    mime-types (1.21)
    mini_magick (3.5.0)
      subexec (~> 0.2.1)
    multi_json (1.6.1)
    multipart-post (1.1.5)
    net-scp (1.0.4)
      net-ssh (>= 1.99.1)
    net-ssh (2.6.5)
    nokogiri (1.5.6)
    oauth (0.4.7)
    oauth2 (0.8.0)
      faraday (~> 0.8)
      httpauth (~> 0.1)
      jwt (~> 0.1.4)
      multi_json (~> 1.0)
      rack (~> 1.2)
    omniauth (1.1.3)
      hashie (~> 1.2)
      rack
    orm_adapter (0.4.0)
    paper_trail (2.7.1)
      activerecord (~> 3.0)
      railties (~> 3.0)
    pg (0.14.1)
    polyglot (0.3.3)
    rack (1.4.5)
    rack-cache (1.2)
      rack (>= 0.4)
    rack-contrib (1.1.0)
      rack (>= 0.9.1)
    rack-ssl (1.3.3)
      rack
    rack-test (0.6.2)
      rack (>= 1.0)
    rails (3.2.12)
      actionmailer (= 3.2.12)
      actionpack (= 3.2.12)
      activerecord (= 3.2.12)
      activeresource (= 3.2.12)
      activesupport (= 3.2.12)
      bundler (~> 1.0)
      railties (= 3.2.12)
    rails-bootstrap-toggle-buttons (0.0.6)
    railties (3.2.12)
      actionpack (= 3.2.12)
      activesupport (= 3.2.12)
      rack-ssl (~> 1.3.2)
      rake (>= 0.8.7)
      rdoc (~> 3.4)
      thor (>= 0.14.6, < 2.0)
    raindrops (0.10.0)
    rake (10.0.3)
    rdoc (3.12.1)
      json (~> 1.4)
    responders (0.9.3)
      railties (~> 3.1)
    rmagick (2.13.2)
    roo (1.10.1)
      choice (>= 0.1.4)
      google-spreadsheet-ruby (>= 0.1.5)
      nokogiri (>= 1.5.0)
      rubyzip (>= 0.9.4)
      spreadsheet (> 0.6.4)
      todonotes (>= 0.1.0)
    ruby-hmac (0.4.0)
    ruby-ole (1.2.11.6)
    rubyzip (0.9.9)
    sass (3.2.5)
    sass-rails (3.2.6)
      railties (~> 3.2.0)
      sass (>= 3.1.10)
      tilt (~> 1.3)
    simple_form (2.0.4)
      actionpack (~> 3.0)
      activemodel (~> 3.0)
    spreadsheet (0.8.1)
      ruby-ole (>= 1.0)
    sprockets (2.2.2)
      hike (~> 1.2)
      multi_json (~> 1.0)
      rack (~> 1.0)
      tilt (~> 1.1, != 1.3.0)
    subexec (0.2.2)
    thor (0.17.0)
    tilt (1.3.3)
    todonotes (0.1.0)
      log4r
    treetop (1.4.12)
      polyglot
      polyglot (>= 0.3.1)
    tzinfo (0.3.35)
    uglifier (1.3.0)
      execjs (>= 0.3.0)
      multi_json (~> 1.0, >= 1.0.2)
    unicorn (4.6.0)
      kgio (~> 2.6)
      rack
      raindrops (~> 0.7)
    warden (1.2.1)
      rack (>= 1.0)
    wicked_pdf (0.9.4)
      rails
    wkhtmltopdf-heroku (1.0.0)

PLATFORMS
  ruby

DEPENDENCIES
  annotate
  better_errors
  binding_of_caller
  bootstrap-sass (~> 2.2.1.1)
  cancan (~> 1.6.9)
  carrierwave (~> 0.8.0)
  coffee-rails (~> 3.2.1)
  debugger
  devise (~> 2.2.3)
  fog (~> 1.9.0)
  font-awesome-sass-rails (~> 3.0.2)
  gmaps4rails (~> 1.5.6)
  hirb
  inherited_resources (~> 1.3.1)
  jquery-datatables-rails (~> 1.11.2)
  jquery-rails (~> 2.2.1)
  jquery-ui-rails (~> 4.0.1)
  kaminari (~> 0.14.1)
  meta_request
  mini_magick (~> 3.5.0)
  omniauth (~> 1.1.3)
  paper_trail (~> 2)
  pg (~> 0.14.1)
  rails (~> 3.2.11)
  rails-bootstrap-toggle-buttons (~> 0.0.6)
  rmagick (~> 2.13.2)
  roo (< 1.10.2)
  sass-rails (~> 3.2.3)
  simple_form (~> 2.0.4)
  uglifier (>= 1.0.3)
  unicorn (~> 4.6.0)
  wicked_pdf (~> 0.9.4)
  wkhtmltopdf-heroku (~> 1.0.0)
